GEM
  remote: https://rubygems.org/
  specs:
    actionmailer (4.2.5.1)
      actionpack (= 4.2.5.1)
      actionview (= 4.2.5.1)
      activejob (= 4.2.5.1)
      mail (~> 2.5, >= 2.5.4)
      rails-dom-testing (~> 1.0, >= 1.0.5)
    actionpack (4.2.5.1)
      actionview (= 4.2.5.1)
      activesupport (= 4.2.5.1)
      rack (~> 1.6)
      rack-test (~> 0.6.2)
      rails-dom-testing (~> 1.0, >= 1.0.5)
      rails-html-sanitizer (~> 1.0, >= 1.0.2)
    actionview (4.2.5.1)
      activesupport (= 4.2.5.1)
      builder (~> 3.1)
      erubis (~> 2.7.0)
      rails-dom-testing (~> 1.0, >= 1.0.5)
      rails-html-sanitizer (~> 1.0, >= 1.0.2)
    activejob (4.2.5.1)
      activesupport (= 4.2.5.1)
      globalid (>= 0.3.0)
    activemodel (4.2.5.1)
      activesupport (= 4.2.5.1)
      builder (~> 3.1)
    activerecord (4.2.5.1)
      activemodel (= 4.2.5.1)
      activesupport (= 4.2.5.1)
      arel (~> 6.0)
    activerecord-jdbc-adapter (1.3.25)
      activerecord (>= 2.2, < 5.0)
    activerecord-jdbcpostgresql-adapter (1.3.25)
      activerecord-jdbc-adapter (~> 1.3.25)
      jdbc-postgres (~> 9.1, <= 9.4.1206)
    activesupport (4.2.5.1)
      i18n (~> 0.7)
      json (~> 1.7, >= 1.7.7)
      minitest (~> 5.1)
      thread_safe (~> 0.3, >= 0.3.4)
      tzinfo (~> 1.1)
    arel (6.0.4)
    ast (2.4.2)
    autoprefixer-rails (10.2.5.0)
      execjs (< 2.8.0)
    awesome_print (1.9.2)
    better_errors (2.8.0)
      coderay (>= 1.0.0)
      erubi (>= 1.0.0)
      rack (>= 0.9.0)
    bootstrap-sass (3.4.1)
      autoprefixer-rails (>= 5.2.1)
      sassc (>= 2.0.0)
    builder (3.2.4)
    bullet (5.0.0)
      activesupport (>= 3.0.0)
      uniform_notifier (~> 1.9.0)
    coderay (1.1.3)
    coffee-rails (4.1.1)
      coffee-script (>= 2.2.0)
      railties (>= 4.0.0, < 5.1.x)
    coffee-script (2.4.1)
      coffee-script-source
      execjs
    coffee-script-source (1.12.2)
    concurrent-ruby (1.3.1)
    crass (1.0.6)
    erubi (1.10.0)
    erubis (2.7.0)
    execjs (2.7.0)
    ffi (1.17.0)
    ffi (1.17.0-java)
    globalid (0.3.6)
      activesupport (>= 4.1.0)
    i18n (0.9.5)
      concurrent-ruby (~> 1.0)
    jbuilder (2.9.1)
      activesupport (>= 4.2.0)
    jdbc-postgres (9.4.1206)
    jquery-rails (4.6.0)
      rails-dom-testing (>= 1, < 3)
      railties (>= 4.2.0)
      thor (>= 0.14, < 2.0)
    json (1.8.6)
    json (1.8.6-java)
    loofah (2.22.0)
      crass (~> 1.0.2)
      nokogiri (>= 1.12.0)
    mail (2.6.3)
      mime-types (>= 1.16, < 3)
    meta_request (0.8.2)
      rack-contrib (>= 1.1, < 3)
      railties (>= 3.0.0, < 8)
    method_source (1.1.0)
    mime-types (2.99)
    mini_portile2 (2.8.7)
    minitest (5.23.1)
    nio4r (2.7.0)
    nio4r (2.7.0-java)
    nokogiri (1.16.5)
      mini_portile2 (~> 2.8.2)
      racc (~> 1.4)
    nokogiri (1.16.5-java)
      racc (~> 1.4)
    parallel (1.24.0)
    parser (3.3.2.0)
      ast (~> 2.4.1)
      racc
    pry (0.14.2)
      coderay (~> 1.1)
      method_source (~> 1.0)
    pry (0.14.2-java)
      coderay (~> 1.1)
      method_source (~> 1.0)
      spoon (~> 0.0)
    pry-awesome_print (9.6.11)
      awesome_print (>= 1.1.0, < 999)
      pry (>= 0.9.0, < 999)
    pry-rails (0.3.9)
      pry (>= 0.10.4)
    puma (5.6.8)
      nio4r (~> 2.0)
    puma (5.6.8-java)
      nio4r (~> 2.0)
    quiet_assets (1.1.0)
      railties (>= 3.1, < 5.0)
    racc (1.8.0)
    racc (1.8.0-java)
    rack (1.6.13)
    rack-contrib (2.5.0)
      rack (< 4)
    rack-test (0.6.3)
      rack (>= 1.0)
    rails (4.2.5.1)
      actionmailer (= 4.2.5.1)
      actionpack (= 4.2.5.1)
      actionview (= 4.2.5.1)
      activejob (= 4.2.5.1)
      activemodel (= 4.2.5.1)
      activerecord (= 4.2.5.1)
      activesupport (= 4.2.5.1)
      bundler (>= 1.3.0, < 2.0)
      railties (= 4.2.5.1)
      sprockets-rails
    rails-deprecated_sanitizer (1.0.4)
      activesupport (>= 4.2.0.alpha)
    rails-dom-testing (1.0.9)
      activesupport (>= 4.2.0, < 5.0)
      nokogiri (~> 1.6)
      rails-deprecated_sanitizer (>= 1.0.1)
    rails-html-sanitizer (1.6.0)
      loofah (~> 2.21)
      nokogiri (~> 1.14)
    railties (4.2.5.1)
      actionpack (= 4.2.5.1)
      activesupport (= 4.2.5.1)
      rake (>= 0.8.7)
      thor (>= 0.18.1, < 2.0)
    rainbow (3.1.1)
    rake (13.2.1)
    rdoc (4.2.2)
      json (~> 1.4)
    regexp_parser (2.9.2)
    rexml (3.2.8)
      strscan (>= 3.0.9)
    rubocop (1.31.0)
      parallel (~> 1.10)
      parser (>= 3.1.0.0)
      rainbow (>= 2.2.2, < 4.0)
      regexp_parser (>= 1.8, < 3.0)
      rexml (>= 3.2.5, < 4.0)
      rubocop-ast (>= 1.18.0, < 2.0)
      ruby-progressbar (~> 1.7)
      unicode-display_width (>= 1.4.0, < 3.0)
    rubocop-ast (1.31.3)
      parser (>= 3.3.1.0)
    ruby-progressbar (1.13.0)
    sass-rails (6.0.0)
      sassc-rails (~> 2.1, >= 2.1.1)
    sassc (2.4.0)
      ffi (~> 1.9)
    sassc-rails (2.1.2)
      railties (>= 4.0.0)
      sassc (>= 2.0)
      sprockets (> 3.0)
      sprockets-rails
      tilt
    sdoc (0.4.1)
      json (~> 1.7, >= 1.7.7)
      rdoc (~> 4.0)
    spoon (0.0.6)
      ffi
    sprockets (4.1.1)
      concurrent-ruby (~> 1.0)
      rack (> 1, < 3)
    sprockets-rails (3.2.2)
      actionpack (>= 4.0)
      activesupport (>= 4.0)
      sprockets (>= 3.0.0)
    strscan (3.1.0)
    strscan (3.1.0-java)
    therubyrhino (2.1.2)
      therubyrhino_jar (>= 1.7.4, < 1.7.9)
    therubyrhino_jar (1.7.8)
    thor (1.3.1)
    thread_safe (0.3.6)
    thread_safe (0.3.6-java)
    tilt (2.3.0)
    turbolinks (5.2.1)
      turbolinks-source (~> 5.2)
    turbolinks-source (5.2.0)
    tzinfo (1.2.11)
      thread_safe (~> 0.1)
    tzinfo-data (1.2016.1)
      tzinfo (>= 1.0.0)
    uglifier (4.2.0)
      execjs (>= 0.3.0, < 3)
    unicode-display_width (2.5.0)
    uniform_notifier (1.9.0)

PLATFORMS
  java
  ruby

DEPENDENCIES
  activerecord-jdbcpostgresql-adapter
  better_errors
  bootstrap-sass
  bullet
  coffee-rails (~> 4.1.0)
  jbuilder (~> 2.9)
  jquery-rails
  meta_request
  pry-awesome_print
  pry-rails
  puma
  quiet_assets
  rails (= 4.2.5.1)
  rubocop
  sass-rails (~> 6.0)
  sdoc (~> 0.4.0)
  therubyrhino
  turbolinks
  tzinfo-data
  uglifier (>= 1.3.0)

BUNDLED WITH
   1.11.2
